PATH
  remote: .
  specs:
    redis_failover-rails (0.0.1)
      activesupport (~> 4)
      redis_failover

GEM
  remote: https://rubygems.org/
  specs:
    activesupport (4.0.5)
      i18n (~> 0.6, >= 0.6.9)
      minitest (~> 4.2)
      multi_json (~> 1.3)
      thread_safe (~> 0.1)
      tzinfo (~> 0.3.37)
    i18n (0.6.9)
    little-plugger (1.1.3)
    logging (1.7.2)
      little-plugger (>= 1.1.3)
    metaclass (0.0.4)
    minitest (4.7.5)
    mocha (0.14.0)
      metaclass (~> 0.0.1)
    multi_json (1.10.1)
    rake (10.3.2)
    redis (3.0.7)
    redis-namespace (1.4.1)
      redis (~> 3.0.4)
    redis_failover (1.0.2)
      multi_json (~> 1)
      redis (>= 2.2, < 4)
      redis-namespace
      zk (>= 1.7.4, < 1.8)
    thread_safe (0.3.3)
    tzinfo (0.3.39)
    zk (1.7.5)
      logging (~> 1.7.2)
      zookeeper (~> 1.4.0)
    zookeeper (1.4.8)

PLATFORMS
  ruby

DEPENDENCIES
  bundler (~> 1.3)
  minitest (~> 4.2)
  mocha (~> 0.14.0)
  rake (~> 10)
  redis_failover-rails!
